GEM
  remote: http://rubygems.org/
  specs:
    coderay (1.0.7)
    method_source (0.8)
    pry (0.9.10)
      coderay (~> 1.0.5)
      method_source (~> 0.8)
      slop (~> 3.3.1)
    rack (1.6.13)
    rack-protection (1.2.0)
      rack
    rmagick (2.13.1)
    shotgun (0.9)
      rack (>= 1.0)
    sinatra (1.3.2)
      rack (~> 1.3, >= 1.3.6)
      rack-protection (~> 1.2)
      tilt (~> 1.3, >= 1.3.3)
    slop (3.3.2)
    tilt (1.3.3)

PLATFORMS
  ruby

DEPENDENCIES
  pry
  rmagick (~> 2.13.1)
  shotgun
  sinatra
