GEM
  remote: http://rubygems.org/
  specs:
    coderay (1.0.7)
    method_source (0.8)
    mustermann (1.1.1)
      ruby2_keywords (~> 0.0.1)
    pry (0.9.10)
      coderay (~> 1.0.5)
      method_source (~> 0.8)
      slop (~> 3.3.1)
    rack (2.2.3)
    rack-protection (2.2.0)
      rack
    rmagick (2.13.1)
    ruby2_keywords (0.0.5)
    shotgun (0.9)
      rack (>= 1.0)
    sinatra (2.2.0)
      mustermann (~> 1.0)
      rack (~> 2.2)
      rack-protection (= 2.2.0)
      tilt (~> 2.0)
    slop (3.3.2)
    tilt (2.0.10)

PLATFORMS
  ruby

DEPENDENCIES
  pry
  rmagick (~> 2.13.1)
  shotgun
  sinatra
